GEM
  remote: https://rubygems.org/
  specs:
    addressable (2.3.6)
    chronic (0.10.2)
    daemons (1.1.9)
    eventmachine (1.0.3)
    launchy (2.4.3)
      addressable (~> 2.3)
    rack (1.5.2)
    rack-protection (1.5.3)
      rack
    sinatra (1.4.5)
      rack (~> 1.4)
      rack-protection (~> 1.4)
      tilt (~> 1.3, >= 1.3.4)
    thin (1.6.3)
      daemons (~> 1.0, >= 1.0.9)
      eventmachine (~> 1.0)
      rack (~> 1.0)
    tilt (1.4.1)

PLATFORMS
  ruby

DEPENDENCIES
  chronic
  launchy
  sinatra
  thin
